GIT
  remote: https://github.com/topfunky/gruff
  revision: 728d8c0d5bd33e0fedbc0fb5d6c1e035391b325e
  specs:
    gruff (0.8.0)
      rmagick

GEM
  remote: https://rubygems.org/
  specs:
    addressable (2.8.0)
      public_suffix (>= 2.0.2, < 5.0)
    coderay (1.1.2)
    down (5.1.1)
      addressable (~> 2.5)
    method_source (1.0.0)
    pry (0.13.0)
      coderay (~> 1.1)
      method_source (~> 1.0)
    public_suffix (4.0.6)
    rmagick (4.1.2)

PLATFORMS
  ruby

DEPENDENCIES
  down
  gruff!
  pry

BUNDLED WITH
   2.1.2
